PATH
  remote: ./gems/
  specs:
    mogli (0.0.31)

GEM
  remote: http://rubygems.org/
  specs:
    daemons (1.1.4)
    eventmachine (0.12.10)
    httparty (0.8.1)
      multi_json
      multi_xml
    json (1.6.1)
    multi_json (1.0.3)
    multi_xml (0.4.1)
    rack (1.3.4)
    rack-protection (1.1.4)
      rack
    sinatra (1.3.1)
      rack (~> 1.3, >= 1.3.4)
      rack-protection (~> 1.1, >= 1.1.2)
      tilt (~> 1.3, >= 1.3.3)
    thin (1.2.11)
      daemons (>= 1.0.9)
      eventmachine (>= 0.12.6)
      rack (>= 1.0.0)
    tilt (1.3.3)

PLATFORMS
  ruby

DEPENDENCIES
  httparty
  json
  mogli (= 0.0.31)!
  sinatra
  thin
